GEM
  remote: https://rubygems.org/
  specs:
    dotenv (0.9.0)
    flickraw (0.9.6)
    rack (1.5.2)
    rack-protection (1.5.0)
      rack
    shotgun (0.9)
      rack (>= 1.0)
    sinatra (1.4.3)
      rack (~> 1.4)
      rack-protection (~> 1.4)
      tilt (~> 1.3, >= 1.3.4)
    tilt (1.4.1)
    wikipedia-client (1.3.0)

PLATFORMS
  ruby

DEPENDENCIES
  dotenv
  flickraw
  shotgun
  sinatra
  wikipedia-client
